GEM
  remote: https://rubygems.org/
  specs:
    aes (0.5.0)
    coderay (1.1.0)
    ffi (1.9.8)
    ffi-hunspell (0.3.0)
      ffi (~> 1.0)
    method_source (0.8.2)
    pry (0.10.1)
      coderay (~> 1.1.0)
      method_source (~> 0.8.1)
      slop (~> 3.4)
    slop (3.6.0)

PLATFORMS
  ruby

DEPENDENCIES
  aes
  ffi-hunspell (~> 0.3.0)
  pry
